GEM
  remote: http://rubygems.org/
  specs:
    addressable (2.2.4)
    amqp (0.7.0)
      eventmachine (>= 0.12.4)
    em-websocket (0.2.1)
      addressable (>= 2.1.1)
      eventmachine (>= 0.12.9)
    eventmachine (0.12.10)
    macaddr (1.0.0)
    roauth (0.0.3)
    twitter-stream (0.1.10)
      eventmachine (>= 0.12.8)
      roauth (>= 0.0.2)
    uuid (2.3.1)
      macaddr (~> 1.0)

PLATFORMS
  ruby

DEPENDENCIES
  amqp
  em-websocket
  eventmachine
  twitter-stream
  uuid
